GEM
  remote: https://rubygems.org/
  specs:
    base64 (0.2.0)
    benchmark (0.4.0)
    erubi (1.13.1)
    jwt (2.10.1)
      base64
    netrc (0.11.0)
    onlyoffice-docs_integration_sdk (0.0.1)
      jwt (= 2.10.1)
      sorbet-runtime (= 0.5.11766)
    parallel (1.26.3)
    prism (1.3.0)
    rbi (0.2.4)
      prism (~> 1.0)
      sorbet-runtime (>= 0.5.9204)
    sorbet (0.5.11766)
      sorbet-static (= 0.5.11766)
    sorbet-runtime (0.5.11766)
    sorbet-static (0.5.11766-aarch64-linux)
    sorbet-static (0.5.11766-universal-darwin)
    sorbet-static (0.5.11766-x86_64-linux)
    sorbet-static-and-runtime (0.5.11766)
      sorbet (= 0.5.11766)
      sorbet-runtime (= 0.5.11766)
    spoom (1.5.2)
      erubi (>= 1.10.0)
      prism (>= 0.28.0)
      rbi (>= 0.2.3)
      sorbet-static-and-runtime (>= 0.5.10187)
      thor (>= 0.19.2)
    tapioca (0.16.8)
      benchmark
      bundler (>= 2.2.25)
      netrc (>= 0.11.0)
      parallel (>= 1.21.0)
      rbi (~> 0.2)
      sorbet-static-and-runtime (>= 0.5.11087)
      spoom (>= 1.2.0)
      thor (>= 1.2.0)
      yard-sorbet
    thor (1.3.2)
    webrick (1.9.1)
    yard (0.9.37)
    yard-sorbet (0.9.0)
      sorbet-runtime
      yard

PLATFORMS
  aarch64-linux
  universal-darwin
  x86_64-linux

DEPENDENCIES
  onlyoffice-docs_integration_sdk (= 0.0.1)
  sorbet (= 0.5.11766)
  sorbet-runtime (= 0.5.11766)
  tapioca (= 0.16.8)
  webrick (= 1.9.1)

BUNDLED WITH
   2.6.2
